GEM
  remote: https://rubygems.org/
  specs:
    god (0.13.7)

PLATFORMS
  ruby

DEPENDENCIES
  god

BUNDLED WITH
   1.11.2
